GEM
  remote: http://rubygems.org/
  specs:
    abstract (1.0.0)
    actionpack (3.0.3)
      activemodel (= 3.0.3)
      activesupport (= 3.0.3)
      builder (~> 2.1.2)
      erubis (~> 2.6.6)
      i18n (~> 0.4)
      rack (~> 1.2.1)
      rack-mount (~> 0.6.13)
      rack-test (~> 0.5.6)
      tzinfo (~> 0.3.23)
    activemodel (3.0.3)
      activesupport (= 3.0.3)
      builder (~> 2.1.2)
      i18n (~> 0.4)
    activesupport (3.0.3)
    builder (2.1.2)
    columnize (0.3.2)
    diff-lcs (1.1.2)
    erubis (2.6.6)
      abstract (>= 1.0.0)
    fakeweb (1.3.0)
    hoe (2.8.0)
      rake (>= 0.8.7)
    i18n (0.5.0)
    json_pure (1.4.6)
    linecache (0.43)
    medie (1.0.0.beta4)
      actionpack (>= 3.0.0)
      activesupport
      json_pure
      methodize
    methodize (0.1)
    nokogiri (1.4.4)
    rack (1.2.1)
    rack-conneg (0.1.4)
      rack (>= 1.0)
    rack-mount (0.6.13)
      rack (>= 1.0.0)
    rack-test (0.5.7)
      rack (>= 1.0)
    railties (3.0.3)
      actionpack (= 3.0.3)
      activesupport (= 3.0.3)
      rake (>= 0.8.7)
      thor (~> 0.14.4)
    rake (0.8.7)
    rcov (0.9.9)
    respondie (0.9.0)
    rspec (2.3.0)
      rspec-core (~> 2.3.0)
      rspec-expectations (~> 2.3.0)
      rspec-mocks (~> 2.3.0)
    rspec-core (2.3.1)
    rspec-expectations (2.3.0)
      diff-lcs (~> 1.1.2)
    rspec-mocks (2.3.0)
    rspec-rails (2.3.1)
      actionpack (~> 3.0)
      activesupport (~> 3.0)
      railties (~> 3.0)
      rspec (~> 2.3.0)
    ruby-debug (0.10.4)
      columnize (>= 0.1)
      ruby-debug-base (~> 0.10.4.0)
    ruby-debug-base (0.10.4)
      linecache (>= 0.3)
    sinatra (1.1.2)
      rack (~> 1.1)
      tilt (~> 1.2)
    sqlite3-ruby (1.3.2)
    state_machine (0.9.4)
    test-unit (1.2.3)
      hoe (>= 1.5.1)
    thor (0.14.6)
    tilt (1.2.1)
    tokamak (1.1.1)
      json_pure
      nokogiri
    tzinfo (0.3.23)
    yard (0.6.4)

PLATFORMS
  ruby

DEPENDENCIES
  fakeweb
  medie (>= 1.0.0.beta4)
  rack-conneg
  rcov
  respondie (~> 0.9.0)
  rspec-rails (>= 2.3.0)
  ruby-debug
  sinatra
  sqlite3-ruby
  state_machine
  test-unit (= 1.2.3)
  tokamak (>= 1.0.0.beta4)
  yard
